GEM
  remote: https://rubygems.org/
  specs:
    activesupport (4.0.0)
      i18n (~> 0.6, >= 0.6.4)
      minitest (~> 4.2)
      multi_json (~> 1.3)
      thread_safe (~> 0.1)
      tzinfo (~> 0.3.37)
    atomic (1.1.14)
    erubis (2.7.0)
    i18n (0.6.5)
    minitest (4.7.5)
    multi_json (1.8.0)
    thor (0.18.1)
    thread_safe (0.1.3)
      atomic
    tmuxinator (0.6.5)
      activesupport
      erubis
      thor (>= 0.18.0)
    tzinfo (0.3.37)

PLATFORMS
  ruby

DEPENDENCIES
  tmuxinator
